GEM
  remote: https://rubygems.org/
  specs:
    posix-spawn (0.3.13)

PLATFORMS
  ruby

DEPENDENCIES
  posix-spawn

BUNDLED WITH
   1.14.6
